GEM
  remote: https://rubygems.org/
  specs:
    activemodel (5.1.6)
      activesupport (= 5.1.6)
    activerecord (5.1.6)
      activemodel (= 5.1.6)
      activesupport (= 5.1.6)
      arel (~> 8.0)
    activerecord-jdbc-adapter (51.0)
      activerecord (~> 5.1.0)
    activerecord-jdbcmysql-adapter (51.0)
      activerecord-jdbc-adapter (~> 51.0)
      jdbc-mysql (~> 5.1.36)
    activesupport (5.1.6)
      concurrent-ruby (~> 1.0, >= 1.0.2)
      i18n (>= 0.7, < 2)
      minitest (~> 5.1)
      tzinfo (~> 1.1)
    arel (8.0.0)
    concurrent-ruby (1.0.5-java)
    diff-lcs (1.3)
    elif (0.1.0)
    git (1.3.0)
    i18n (1.0.1)
      concurrent-ruby (~> 1.0)
    jdbc-mysql (5.1.46)
    minitest (5.11.3)
    rake (12.3.1)
    thread (0.2.2)
    thread_safe (0.3.6-java)
    tzinfo (1.2.5)
      thread_safe (~> 0.1)

PLATFORMS
  java

DEPENDENCIES
  activerecord-jdbcmysql-adapter (= 51.0)
  diff-lcs
  elif
  git
  rake
  thread

BUNDLED WITH
   1.16.1
