GEM
  remote: https://rubygems.org/
  specs:
    activemodel (5.2.0)
      activesupport (= 5.2.0)
    activerecord (5.2.0)
      activemodel (= 5.2.0)
      activesupport (= 5.2.0)
      arel (>= 9.0)
    activerecord-jdbc-adapter (50.0)
      activerecord (>= 2.2)
    activerecord-jdbcmysql-adapter (50.0)
      activerecord-jdbc-adapter (~> 50.0)
      jdbc-mysql (~> 5.1.36)
    activesupport (5.2.0)
      concurrent-ruby (~> 1.0, >= 1.0.2)
      i18n (>= 0.7, < 2)
      minitest (~> 5.1)
      tzinfo (~> 1.1)
    arel (9.0.0)
    concurrent-ruby (1.0.5-java)
    diff-lcs (1.3)
    elif (0.1.0)
    git (1.3.0)
    i18n (1.0.1)
      concurrent-ruby (~> 1.0)
    jdbc-mysql (5.1.46)
    minitest (5.11.3)
    rake (12.3.1)
    thread (0.2.2)
    thread_safe (0.3.6-java)
    tzinfo (1.2.5)
      thread_safe (~> 0.1)

PLATFORMS
  java

DEPENDENCIES
  activerecord
  activerecord-jdbcmysql-adapter
  diff-lcs
  elif
  git
  rake
  thread

BUNDLED WITH
   1.16.1
