GEM
  remote: https://rubygems.org/
  specs:
    diff-lcs (1.3)
    elif (0.1.0)
    git (1.3.0)
    rake (12.3.1)
    thread (0.2.2)

PLATFORMS
  java

DEPENDENCIES
  diff-lcs
  elif
  git
  rake
  thread

BUNDLED WITH
   1.16.1
