GEM
  remote: https://rubygems.org/
  specs:
    elif (0.1.0)
    rake (12.3.1)

PLATFORMS
  java

DEPENDENCIES
  elif
  rake

BUNDLED WITH
   1.16.1
